GEM
  remote: https://rubygems.org/
  specs:
    pg (1.1.4)
    rack (2.0.7)

PLATFORMS
  ruby

DEPENDENCIES
  pg
  rack

BUNDLED WITH
   2.0.1
